GEM
  remote: http://rubygems.org/
  remote: https://BnrJb6FZyzspBboNJzYZ@gem.fury.io/govuk/
  specs:
    RedCloth (4.2.9)
    classifier (1.3.3)
      fast-stemmer (>= 1.0.0)
    coderay (1.0.9)
    colorator (0.1)
    commander (4.1.5)
      highline (~> 1.6.11)
    daemons (1.1.9)
    directory_watcher (1.4.1)
    eventmachine (1.0.3)
    facets (2.9.3)
    fast-stemmer (1.0.2)
    highline (1.6.20)
    hike (1.2.3)
    jekyll (1.2.1)
      classifier (~> 1.3)
      colorator (~> 0.1)
      commander (~> 4.1.3)
      directory_watcher (~> 1.4.1)
      liquid (~> 2.5.2)
      maruku (~> 0.5)
      pygments.rb (~> 0.5.0)
      redcarpet (~> 2.3.0)
      safe_yaml (~> 0.7.0)
    jekyll-assets (0.7.4)
      jekyll (~> 1.0)
      sprockets (~> 2.10)
    kramdown (0.14.2)
    liquid (2.5.3)
    maruku (0.7.0)
    multi_json (1.8.2)
    nokogiri (1.5.6)
    posix-spawn (0.3.6)
    pygments.rb (0.5.4)
      posix-spawn (~> 0.3.6)
      yajl-ruby (~> 1.1.0)
    rack (1.5.2)
    rack-jekyll (0.3.5)
      jekyll
      rack
    rack-rewrite (1.3.3)
    redcarpet (2.3.0)
    safe_yaml (0.7.1)
    sass (3.2.12)
    sprockets (2.10.0)
      hike (~> 1.2)
      multi_json (~> 1.0)
      rack (~> 1.0)
      tilt (~> 1.1, != 1.3.0)
    thin (1.5.0)
      daemons (>= 1.0.9)
      eventmachine (>= 0.12.6)
      rack (>= 1.0.0)
    tilt (1.4.1)
    yajl-ruby (1.1.0)

PLATFORMS
  ruby

DEPENDENCIES
  RedCloth (= 4.2.9)
  coderay (= 1.0.9)
  facets (= 2.9.3)
  jekyll (= 1.2.1)
  jekyll-assets (= 0.7.4)
  kramdown (= 0.14.2)
  nokogiri (= 1.5.6)
  rack-jekyll (= 0.3.5)
  rack-rewrite (= 1.3.3)
  sass (= 3.2.12)
  thin (= 1.5.0)
